GEM
  remote: http://rubygems.org/
  specs:
    activesupport (2.3.8)
    haml (3.0.21)
    rack (1.2.2)
    sinatra (1.2.6)
      rack (~> 1.1)
      tilt (< 2.0, >= 1.2.2)
    tilt (1.3)

PLATFORMS
  ruby

DEPENDENCIES
  activesupport (~> 2.3)
  haml
  sinatra (= 1.2.6)
